GIT
  remote: https://github.com/adammck/ruby-icloud.git
  revision: 8aefd63e5e315c8781ba3a11309360e6621dec42
  branch: master
  specs:
    icloud (0.0.1)
      json_pure
      uuidtools

PATH
  remote: .
  specs:
    icloud-reminders-cli (0.1)
      thor

GEM
  remote: https://rubygems.org/
  specs:
    ansi (1.4.3)
    fakeweb (1.3.0)
    json_pure (1.7.7)
    minitest (4.7.0)
    thor (0.17.0)
    turn (0.9.6)
      ansi
    uuidtools (2.1.3)

PLATFORMS
  ruby

DEPENDENCIES
  fakeweb
  icloud!
  icloud-reminders-cli!
  minitest
  turn
